GEM
  remote: https://rubygems.org/
  specs:
    bigdecimal (3.3.1)
    language_server-protocol (3.17.0.5)
    logger (1.7.0)
    nokogiri (1.18.10-x86_64-linux-gnu)
      racc (~> 1.4)
    pastel (0.8.0)
      tty-color (~> 0.5)
    prism (1.5.1)
    racc (1.8.1)
    rbs (3.9.5)
      logger
    ruby-lsp (0.26.1)
      language_server-protocol (~> 3.17.0)
      prism (>= 1.2, < 2.0)
      rbs (>= 3, < 5)
    sequel (5.97.0)
      bigdecimal
    sqlite3 (2.7.4-x86_64-linux-gnu)
    tty-color (0.6.0)
    tty-cursor (0.7.1)
    tty-prompt (0.23.1)
      pastel (~> 0.8)
      tty-reader (~> 0.8)
    tty-reader (0.9.0)
      tty-cursor (~> 0.7)
      tty-screen (~> 0.8)
      wisper (~> 2.0)
    tty-screen (0.8.2)
    wisper (2.0.1)

PLATFORMS
  x86_64-linux

DEPENDENCIES
  nokogiri
  ruby-lsp
  sequel
  sqlite3
  tty-prompt (~> 0.23.1)

RUBY VERSION
   ruby 3.4.7p58

BUNDLED WITH
   2.6.9
